GEM
  remote: https://rubygems.org/
  specs:
    bourbon (3.1.6)
      sass (>= 3.2.0)
      thor
    capybara (2.1.0)
      mime-types (>= 1.16)
      nokogiri (>= 1.3.3)
      rack (>= 1.0.0)
      rack-test (>= 0.5.4)
      xpath (~> 2.0)
    coderay (1.0.9)
    cuba (3.1.0)
      rack
    cutest (1.2.0)
    ffi (1.3.1)
    formatador (0.2.4)
    guard (1.8.0)
      formatador (>= 0.2.4)
      listen (>= 1.0.0)
      lumberjack (>= 1.0.2)
      pry (>= 0.9.10)
      thor (>= 0.14.6)
    guard-rack (1.3.1)
      ffi (~> 1.3.1)
      guard (~> 1.1)
      libnotify (~> 0.1.3)
      rb-inotify (>= 0.5.1)
      spoon (~> 0.0.1)
    libnotify (0.1.4)
      ffi (>= 0.6.2)
    listen (1.1.4)
      rb-fsevent (>= 0.9.3)
      rb-inotify (>= 0.9)
      rb-kqueue (>= 0.2)
    lumberjack (1.0.3)
    method_source (0.8.1)
    mime-types (1.23)
    minitest (5.0.3)
    net-ssh (2.6.7)
    nokogiri (1.5.9)
    pry (0.9.12.2)
      coderay (~> 1.0.5)
      method_source (~> 0.8)
      slop (~> 3.4)
    rack (1.5.2)
    rack-protection (1.5.0)
      rack
    rack-test (0.6.2)
      rack (>= 1.0)
    rake (10.0.4)
    rb-fsevent (0.9.3)
    rb-inotify (0.9.0)
      ffi (>= 0.5.0)
    rb-kqueue (0.2.0)
      ffi (>= 0.5.0)
    redcarpet (2.3.0)
    sass (3.2.9)
    slop (3.4.5)
    spoon (0.0.4)
      ffi
    thor (0.18.1)
    tilt (1.4.1)
    xpath (2.0.0)
      nokogiri (~> 1.3)

PLATFORMS
  ruby

DEPENDENCIES
  bourbon
  capybara
  cuba
  cutest
  guard-rack
  minitest
  net-ssh
  rack-protection
  rake
  rb-inotify
  redcarpet
  sass
  tilt
